GEM
  remote: https://rubygems.org/
  specs:
    addressable (2.8.6)
      public_suffix (>= 2.0.2, < 6.0)
    base64 (0.1.1)
    bigdecimal (3.1.6)
    crack (0.4.6)
      bigdecimal
      rexml
    esa (2.1.0)
      faraday (>= 2.0.1, < 3.0)
      faraday-multipart
      faraday-xml
      mime-types (>= 2.6, < 4.0)
      multi_xml (>= 0.5.5, < 1.0)
    faraday (2.7.11)
      base64
      faraday-net_http (>= 2.0, < 3.1)
      ruby2_keywords (>= 0.0.4)
    faraday-multipart (1.0.4)
      multipart-post (~> 2)
    faraday-net_http (3.0.2)
    faraday-xml (0.2.1)
      faraday (>= 1.10, < 3)
    hashdiff (1.1.0)
    mime-types (3.5.1)
      mime-types-data (~> 3.2015)
    mime-types-data (3.2023.1003)
    minitest (5.22.2)
    minitest-stub_any_instance (1.0.3)
    multi_xml (0.6.0)
    multipart-post (2.3.0)
    public_suffix (5.0.4)
    rexml (3.2.6)
    ruby2_keywords (0.0.5)
    webmock (3.20.0)
      addressable (>= 2.8.0)
      crack (>= 0.3.2)
      hashdiff (>= 0.4.0, < 2.0.0)

PLATFORMS
  ruby

DEPENDENCIES
  esa
  minitest
  minitest-stub_any_instance
  webmock

BUNDLED WITH
   2.1.4
