GEM
  remote: https://rubygems.org/
  specs:
    addressable (2.8.0)
      public_suffix (>= 2.0.2, < 5.0)
    crack (0.4.5)
      rexml
    esa (1.14.0)
      faraday (~> 0.9)
      faraday_middleware
      mime-types (>= 2.6)
      multi_xml (>= 0.5.5)
    faraday (0.15.4)
      multipart-post (>= 1.2, < 3)
    faraday_middleware (0.13.1)
      faraday (>= 0.7.4, < 1.0)
    hashdiff (1.0.1)
    mime-types (3.3)
      mime-types-data (~> 3.2015)
    mime-types-data (3.2019.0904)
    minitest (5.15.0)
    minitest-stub_any_instance (1.0.3)
    multi_xml (0.6.0)
    multipart-post (2.1.1)
    public_suffix (4.0.7)
    rexml (3.2.5)
    webmock (3.14.0)
      addressable (>= 2.8.0)
      crack (>= 0.3.2)
      hashdiff (>= 0.4.0, < 2.0.0)

PLATFORMS
  ruby

DEPENDENCIES
  esa
  minitest
  minitest-stub_any_instance
  webmock

BUNDLED WITH
   2.1.4
